GEM
  remote: https://rubygems.org/
  specs:
    base64 (0.3.0)
    logger (1.7.0)
    rexml (3.4.1)
    rubyzip (3.0.1)
    selenium-webdriver (4.35.0)
      base64 (~> 0.2)
      logger (~> 1.4)
      rexml (~> 3.2, >= 3.2.5)
      rubyzip (>= 1.2.2, < 4.0)
      websocket (~> 1.0)
    websocket (1.2.11)

PLATFORMS
  aarch64-linux-musl
  x86_64-linux

DEPENDENCIES
  selenium-webdriver

BUNDLED WITH
   2.4.8
